GEM
  remote: https://rubygems.org/
  specs:
    activesupport (5.1.1)
      concurrent-ruby (~> 1.0, >= 1.0.2)
      i18n (~> 0.7)
      minitest (~> 5.1)
      tzinfo (~> 1.1)
    awesome_print (1.8.0)
    coderay (1.1.2)
    concurrent-ruby (1.0.5)
    docile (1.1.5)
    i18n (0.8.4)
    json (2.1.0)
    method_source (0.9.0)
    minitest (5.11.3)
    pry (0.11.3)
      coderay (~> 1.1.0)
      method_source (~> 0.9.0)
    rake (12.3.0)
    rmagick (2.16.0)
    simplecov (0.15.1)
      docile (~> 1.1.0)
      json (>= 1.8, < 3)
      simplecov-html (~> 0.10.0)
    simplecov-html (0.10.2)
    simplex (1.2.0)
    thread_safe (0.3.6)
    tzinfo (1.2.3)
      thread_safe (~> 0.1)
    zip (2.0.2)

PLATFORMS
  ruby

DEPENDENCIES
  activesupport
  awesome_print
  minitest
  pry
  rake
  rmagick
  simplecov
  simplex
  zip

BUNDLED WITH
   1.15.3
